GEM
  remote: https://rubygems.org/
  specs:
    celluloid (0.16.0)
      timers (~> 4.0.0)
    chatty_crow (1.3.1)
      mime-types (>= 1)
      multi_json (~> 1.0)
      rest-client (~> 1.7)
    connection_pool (2.2.0)
    domain_name (0.5.24)
      unf (>= 0.0.5, < 1.0.0)
    fakeweb (1.3.0)
    hitimes (1.2.2)
    http-cookie (1.0.2)
      domain_name (~> 0.5)
    json (1.8.2)
    mime-types (2.4.3)
    multi_json (1.11.0)
    netrc (0.10.3)
    redis (3.2.1)
    redis-namespace (1.5.2)
      redis (~> 3.0, >= 3.0.4)
    rest-client (1.8.0)
      http-cookie (>= 1.0.2, < 2.0)
      mime-types (>= 1.16, < 3.0)
      netrc (~> 0.7)
    sidekiq (3.3.3)
      celluloid (>= 0.16.0)
      connection_pool (>= 2.1.1)
      json
      redis (>= 3.0.6)
      redis-namespace (>= 1.3.1)
    timers (4.0.1)
      hitimes
    unf (0.1.4)
      unf_ext
    unf_ext (0.0.6)

PLATFORMS
  ruby

DEPENDENCIES
  chatty_crow (>= 1.3.1)
  fakeweb
  sidekiq
